PATH
  remote: .
  specs:
    kanji_to_hanzi (0.1.0)

GEM
  remote: https://rubygems.org/
  specs:
    minitest (5.14.0)
    rake (13.0.1)

PLATFORMS
  ruby

DEPENDENCIES
  bundler (~> 2.0)
  kanji_to_hanzi!
  minitest (~> 5.0)
  rake (~> 13.0)

BUNDLED WITH
   2.0.2
